GEM
  remote: http://rubygems.org/
  specs:
    color (1.8)
    ffi (1.9.10)
    libusb (0.5.1)
      ffi (>= 1.0)

PLATFORMS
  ruby

DEPENDENCIES
  color
  libusb

BUNDLED WITH
   1.11.2
